GEM
  remote: https://rubygems.org/
  specs:
    addressable (2.8.1)
      public_suffix (>= 2.0.2, < 6.0)
    coffee-script (2.4.1)
      coffee-script-source
      execjs
    coffee-script-source (1.11.1)
    colorator (1.1.0)
    em-websocket (0.5.1)
      eventmachine (>= 0.12.9)
      http_parser.rb (~> 0.6.0)
    eventmachine (1.2.5)
    execjs (2.7.0)
    ffi (1.9.14)
    forwardable-extended (2.6.0)
    hawkins (2.0.5)
      em-websocket (~> 0.5)
      jekyll (~> 3.1)
    http_parser.rb (0.6.0)
    jekyll (3.3.1)
      addressable (~> 2.4)
      colorator (~> 1.0)
      jekyll-sass-converter (~> 1.0)
      jekyll-watch (~> 1.1)
      kramdown (~> 1.3)
      liquid (~> 3.0)
      mercenary (~> 0.3.3)
      pathutil (~> 0.9)
      rouge (~> 1.7)
      safe_yaml (~> 1.0)
    jekyll-coffeescript (1.0.2)
      coffee-script (~> 2.2)
      coffee-script-source (~> 1.11.1)
    jekyll-feed (0.8.0)
      jekyll (~> 3.3)
    jekyll-sass-converter (1.5.0)
      sass (~> 3.4)
    jekyll-watch (1.5.0)
      listen (~> 3.0, < 3.1)
    kramdown (1.13.1)
    liquid (3.0.6)
    listen (3.0.8)
      rb-fsevent (~> 0.9, >= 0.9.4)
      rb-inotify (~> 0.9, >= 0.9.7)
    mercenary (0.3.6)
    minima (2.1.0)
      jekyll (~> 3.3)
    pathutil (0.14.0)
      forwardable-extended (~> 2.6)
    public_suffix (5.0.0)
    rack (1.6.5)
    rack-jekyll (0.5.0)
      jekyll (>= 1.3)
      listen (>= 1.3)
      rack (~> 1.5)
    rake (11.1.2)
    rb-fsevent (0.9.8)
    rb-inotify (0.9.7)
      ffi (>= 0.5.0)
    rouge (1.11.1)
    safe_yaml (1.0.4)
    sass (3.4.22)

PLATFORMS
  ruby

DEPENDENCIES
  hawkins
  jekyll (= 3.3.1)
  jekyll-coffeescript
  jekyll-feed (~> 0.6)
  kramdown
  minima (~> 2.0)
  rack-jekyll
  rake

RUBY VERSION
   ruby 2.3.0p0

BUNDLED WITH
   1.16.1
